GEM
  remote: https://rubygems.org/
  specs:
    cli-ui (1.3.0)
    git (1.7.0)
      rchardet (~> 1.8)
    rchardet (1.8.0)
    ripgrep (0.1.3)

PLATFORMS
  ruby

DEPENDENCIES
  cli-ui (~> 1.3)
  git (~> 1.7)
  ripgrep (~> 0.1.3)

BUNDLED WITH
   2.1.4
